GEM
  remote: https://rubygems.org/
  specs:
    ProMotion (2.2.1)
      methadone (~> 1.7)
    dbt (1.1.5)
    methadone (1.8.0)
      bundler
    motion-kit (0.17.0)
      dbt (~> 1.1.5)
    rake (10.4.2)
    sugarcube (3.2.0)

PLATFORMS
  ruby

DEPENDENCIES
  ProMotion (~> 2.1)
  motion-kit (~> 0.17)
  rake
  sugarcube (~> 3.2)
